GEM
  remote: http://rubygems.org/
  specs:
    haml (3.1.4)
    mysql (2.8.1)
    rack (1.4.0)
    rack-protection (1.2.0)
      rack
    sass (3.1.12)
    sinatra (1.3.2)
      rack (~> 1.3, >= 1.3.6)
      rack-protection (~> 1.2)
      tilt (~> 1.3, >= 1.3.3)
    tilt (1.3.3)

PLATFORMS
  ruby

DEPENDENCIES
  haml
  mysql
  sass
  sinatra
